GIT
  remote: https://github.com/HomeBusProjects/ruby-homebus
  revision: 4087b9cf2a5c1ead0304eb985618e0c1c0982cd1
  specs:
    homebus (0.10.13)
      mqtt (~> 0.5.0)

GEM
  remote: https://rubygems.org/
  specs:
    dotenv (2.7.6)
    mqtt (0.5.0)

PLATFORMS
  arm64-darwin-20
  arm64-darwin-21

DEPENDENCIES
  dotenv
  homebus!

BUNDLED WITH
   2.2.31
